PATH
  remote: .
  specs:
    character_trainer (0.0.0)
      engine (~> 0.0.0)
      pry
      rainbow (~> 2.0)

GEM
  remote: https://rubygems.org/
  specs:
    analects (0.4.2)
      ice_nine (~> 0.11.0)
      inflecto (~> 0.0.2)
      plexus-rmmseg (~> 0.1.6)
      rubyzip (~> 1.1)
      ting (~> 0.9.0)
    coderay (1.1.0)
    engine (0.0.1)
      hexp (~> 0.2.0)
    equalizer (0.0.9)
    hexp (0.2.0)
      equalizer (~> 0.0)
      ice_nine (~> 0.8)
      nokogiri (~> 1.6)
      sass (~> 3.2)
    ice_nine (0.11.0)
    inflecto (0.0.2)
    method_source (0.8.2)
    mini_portile (0.5.3)
    nokogiri (1.6.1)
      mini_portile (~> 0.5.0)
    plexus-rmmseg (0.1.6)
    pry (0.9.12.6)
      coderay (~> 1.0)
      method_source (~> 0.8)
      slop (~> 3.4)
    rainbow (2.0.0)
    rubyzip (1.1.3)
    sass (3.3.6)
    slop (3.5.0)
    ting (0.9.0)

PLATFORMS
  ruby

DEPENDENCIES
  analects
  character_trainer!
  engine
